GEM
  remote: https://rubygems.org/
  specs:
    byebug (11.1.3)

PLATFORMS
  x64-mingw32

DEPENDENCIES
  byebug

BUNDLED WITH
   2.2.22
